ObjectType = Image
NDims = 2
BinaryData = True
BinaryDataByteOrderMSB = False
CompressedData = False
TransformMatrix = 1 0 0 1
Offset = 0 0
CenterOfRotation = 0 0
ElementSpacing = 1 1
DimSize = 384 384
AnatomicalOrientation = ??
ElementType = MET_DOUBLE
ElementDataFile = 010.raw
